GEM
  remote: https://rubygems.org/
  specs:
    diff-lcs (1.2.5)
    mime-types (1.25.1)
    oj (2.10.0)
    rake (10.3.2)
    rest-client (1.6.7)
      mime-types (>= 1.16)
    rspec (2.13.0)
      rspec-core (~> 2.13.0)
      rspec-expectations (~> 2.13.0)
      rspec-mocks (~> 2.13.0)
    rspec-core (2.13.1)
    rspec-expectations (2.13.0)
      diff-lcs (>= 1.1.3, < 2.0)
    rspec-mocks (2.13.1)

PLATFORMS
  ruby

DEPENDENCIES
  mime-types (~> 1)
  oj
  rake
  rest-client (= 1.6.7)
  rspec
